GEM
  remote: https://rubygems.org/
  specs:
    addressable (2.8.6)
      public_suffix (>= 2.0.2, < 6.0)
    concurrent-ruby (1.1.9)
    entitlements-app (0.3.1)
      concurrent-ruby (= 1.1.9)
      faraday (~> 2.0)
      net-ldap (~> 0.17)
      octokit (~> 4.18)
      optimist (= 3.0.0)
    faraday (2.9.0)
      faraday-net_http (>= 2.0, < 3.2)
    faraday-net_http (3.1.0)
      net-http
    net-http (0.4.1)
      uri
    net-ldap (0.19.0)
    octokit (4.25.1)
      faraday (>= 1, < 3)
      sawyer (~> 0.9)
    optimist (3.0.0)
    public_suffix (5.0.4)
    sawyer (0.9.2)
      addressable (>= 2.3.5)
      faraday (>= 0.17.3, < 3)
    uri (0.13.0)

PLATFORMS
  ruby
  x86_64-darwin-19

DEPENDENCIES
  entitlements-app (~> 0.3.1)

BUNDLED WITH
   2.4.1
